GEM
  remote: https://rubygems.org/
  specs:
    mini_portile2 (2.0.0)
    nokogiri (1.6.7.2)
      mini_portile2 (~> 2.0.0.rc2)
    roo (2.3.2)
      nokogiri (~> 1)
      rubyzip (~> 1.1, < 2.0.0)
    rubyzip (1.2.1)

PLATFORMS
  ruby

DEPENDENCIES
  roo

BUNDLED WITH
   1.11.2
