GEM
  remote: https://rubygems.org/
  specs:
    mail (2.6.6)
      mime-types (>= 1.16, < 4)
    mime (0.4.4)
    mime-types (3.1)
      mime-types-data (~> 3.2015)
    mime-types-data (3.2016.0521)
    mini_portile2 (2.0.0)
    nokogiri (1.6.7.2)
      mini_portile2 (~> 2.0.0.rc2)
    roo (2.3.2)
      nokogiri (~> 1)
      rubyzip (~> 1.1, < 2.0.0)
    ruby-gmail (0.3.1)
      mail (>= 2.2.1)
      mime (>= 0.1)
      shared-mime-info
    rubyzip (1.2.1)
    shared-mime-info (0.2.5)

PLATFORMS
  ruby

DEPENDENCIES
  roo
  ruby-gmail

BUNDLED WITH
   1.11.2
